GEM
  remote: https://rubygems.org/
  specs:
    airbrussh (1.4.1)
      sshkit (>= 1.6.1, != 1.7.0)
    bcrypt_pbkdf (1.1.0)
    capistrano (3.17.2)
      airbrussh (>= 1.0.0)
      i18n
      rake (>= 10.0.0)
      sshkit (>= 1.9.0)
    capistrano-nvm (0.0.7)
      capistrano (~> 3.1)
    capistrano-yarn (2.0.2)
      capistrano (~> 3.0)
    capistrano3-nginx (3.0.4)
      capistrano (~> 3.0)
    concurrent-ruby (1.2.2)
    ed25519 (1.2.4)
    i18n (1.12.0)
      concurrent-ruby (~> 1.0)
    net-scp (4.0.0)
      net-ssh (>= 2.6.5, < 8.0.0)
    net-ssh (7.1.0)
    rake (13.0.6)
    sshkit (1.21.4)
      net-scp (>= 1.1.2)
      net-ssh (>= 2.8.0)

PLATFORMS
  -darwin-20

DEPENDENCIES
  bcrypt_pbkdf
  capistrano
  capistrano-nvm
  capistrano-yarn
  capistrano3-nginx (~> 3.0, >= 3.0.4)
  ed25519
  net-ssh

BUNDLED WITH
   2.2.17
